GEM
  remote: http://rubygems.org/
  specs:
    httparty (0.14.0)
      multi_xml (>= 0.5.2)
    mini_portile2 (2.1.0)
    multi_xml (0.5.5)
    nokogiri (1.6.8)
      mini_portile2 (~> 2.1.0)
      pkg-config (~> 1.1.7)
    pkg-config (1.1.7)
    redis (3.3.1)
    rubyzip (1.2.0)

PLATFORMS
  ruby

DEPENDENCIES
  httparty
  nokogiri
  redis
  rubyzip

BUNDLED WITH
   1.12.5
